PATH
  remote: .
  specs:
    cdq (0.0.1)

GEM
  remote: http://rubygems.org/
  specs:
    activesupport (3.2.14)
      i18n (~> 0.6, >= 0.6.4)
      multi_json (~> 1.0)
    builder (3.2.2)
    i18n (0.6.5)
    motion-stump (0.3.0)
    multi_json (1.7.9)
    plist (3.1.0)
    rake (10.1.0)
    ruby-xcdm (0.0.4)
      activesupport (~> 3.2)
      builder (~> 3.2)
      plist (~> 3.1)

PLATFORMS
  ruby

DEPENDENCIES
  cdq!
  motion-stump
  rake
  ruby-xcdm
